GEM
  remote: https://rubygems.org/
  specs:
    activemodel (6.1.3.2)
      activesupport (= 6.1.3.2)
    activerecord (6.1.3.2)
      activemodel (= 6.1.3.2)
      activesupport (= 6.1.3.2)
    activesupport (6.1.3.2)
      concurrent-ruby (~> 1.0, >= 1.0.2)
      i18n (>= 1.6, < 2)
      minitest (>= 5.1)
      tzinfo (~> 2.0)
      zeitwerk (~> 2.3)
    annotate (3.1.1)
      activerecord (>= 3.2, < 7.0)
      rake (>= 10.4, < 14.0)
    byebug (11.1.3)
    coderay (1.1.3)
    concurrent-ruby (1.1.8)
    convergence (1.0.5)
      diff-lcs
      diffy
      mysql2
      thor
    diff-lcs (1.4.4)
    diffy (3.4.0)
    i18n (1.8.10)
      concurrent-ruby (~> 1.0)
    json-schema-generator (0.0.9)
      jsonpath
    jsonpath (1.1.0)
      multi_json
    method_source (1.0.0)
    minitest (5.14.4)
    multi_json (1.15.0)
    mysql2 (0.5.3)
    pry (0.14.1)
      coderay (~> 1.1)
      method_source (~> 1.0)
    pry-byebug (3.8.0)
      byebug (~> 11.0)
      pry (~> 0.10)
    rake (13.0.3)
    thor (1.1.0)
    tzinfo (2.0.4)
      concurrent-ruby (~> 1.0)
    zeitwerk (2.4.2)

PLATFORMS
  x86_64-linux

DEPENDENCIES
  activerecord
  annotate
  convergence
  json-schema-generator
  mysql2
  pry
  pry-byebug

BUNDLED WITH
   2.2.2
